PATH
  remote: .
  specs:
    simple_fanout (0.0.0)
      jwt
      rest-client

GEM
  remote: https://rubygems.org/
  specs:
    diff-lcs (1.2.5)
    jwt (0.1.11)
      multi_json (>= 1.5)
    mime-types (2.2)
    multi_json (1.9.2)
    rest-client (1.6.7)
      mime-types (>= 1.16)
    rspec (2.14.1)
      rspec-core (~> 2.14.0)
      rspec-expectations (~> 2.14.0)
      rspec-mocks (~> 2.14.0)
    rspec-core (2.14.8)
    rspec-expectations (2.14.5)
      diff-lcs (>= 1.1.3, < 2.0)
    rspec-mocks (2.14.6)

PLATFORMS
  ruby

DEPENDENCIES
  rspec
  simple_fanout!
